GEM
  remote: https://rubygems.org/
  specs:
    addressable (2.3.8)
    ast (2.3.0)
    domain_name (0.5.20160826)
      unf (>= 0.0.5, < 1.0.0)
    faraday (0.9.2)
      multipart-post (>= 1.2, < 3)
    faraday-cookie_jar (0.0.6)
      faraday (>= 0.7.4)
      http-cookie (~> 1.0.0)
    faraday-http-cache (1.2.2)
      faraday (~> 0.8)
    faraday_middleware (0.10.0)
      faraday (>= 0.7.4, < 0.10)
    fastimage (2.0.0)
      addressable (~> 2)
    http-cookie (1.0.3)
      domain_name (~> 0.5)
    metainspector (4.7.2)
      addressable (~> 2.3.5)
      faraday (~> 0.9.0)
      faraday-cookie_jar (~> 0.0.6)
      faraday-http-cache (~> 1.2.2)
      faraday_middleware (~> 0.10)
      fastimage
      nokogiri (~> 1.6)
    mini_portile2 (2.1.0)
    multipart-post (2.0.0)
    nokogiri (1.6.8.1)
      mini_portile2 (~> 2.1.0)
    parser (2.3.1.4)
      ast (~> 2.2)
    powerpack (0.1.1)
    rainbow (2.1.0)
    rubocop (0.43.0)
      parser (>= 2.3.1.1, < 3.0)
      powerpack (~> 0.1)
      rainbow (>= 1.99.1, < 3.0)
      ruby-progressbar (~> 1.7)
      unicode-display_width (~> 1.0, >= 1.0.1)
    ruby-progressbar (1.8.1)
    slack-notifier (1.5.1)
    unf (0.1.4)
      unf_ext
    unf_ext (0.0.7.2)
    unicode-display_width (1.1.1)

PLATFORMS
  ruby

DEPENDENCIES
  metainspector (~> 4.6)
  rainbow (~> 2.0)
  rubocop (~> 0.33)
  slack-notifier (~> 1.2)

BUNDLED WITH
   1.11.2
